GEM
  remote: http://rubygems.org/
  specs:
    RedCloth (4.2.9)
    archive-tar-minitar (0.5.2)
    coderay (0.9.8)
    columnize (0.3.6)
    constructor (2.0.0)
    diff-lcs (1.1.3)
    diy (1.1.2)
      constructor (>= 1.0.0)
    gamebox (0.3.4)
      constructor
      diy
      gosu
      kvo
      publisher
      require_all
      tween
    gosu (0.7.41)
    kvo (0.0.1)
      publisher
    linecache19 (0.5.12)
      ruby_core_source (>= 0.1.4)
    method_source (0.6.7)
      ruby_parser (>= 2.3.1)
    ocra (1.3.0)
    pry (0.9.7.4)
      coderay (~> 0.9.8)
      method_source (~> 0.6.7)
      ruby_parser (>= 2.3.1)
      slop (~> 2.1.0)
    pry-remote (0.1.0)
      pry (~> 0.9.6)
      slop (~> 2.1)
    publisher (1.1.2)
    rake (0.9.2.2)
    require_all (1.2.0)
    rspec (2.7.0)
      rspec-core (~> 2.7.0)
      rspec-expectations (~> 2.7.0)
      rspec-mocks (~> 2.7.0)
    rspec-core (2.7.1)
    rspec-expectations (2.7.0)
      diff-lcs (~> 1.1.2)
    rspec-mocks (2.7.0)
    ruby-debug-base19 (0.11.25)
      columnize (>= 0.3.1)
      linecache19 (>= 0.5.11)
      ruby_core_source (>= 0.1.4)
    ruby-debug19 (0.11.6)
      columnize (>= 0.3.1)
      linecache19 (>= 0.5.11)
      ruby-debug-base19 (>= 0.11.19)
    ruby_core_source (0.1.5)
      archive-tar-minitar (>= 0.5.2)
    ruby_parser (2.3.1)
      sexp_processor (~> 3.0)
    sexp_processor (3.0.9)
    slop (2.1.0)
    tween (0.1.2)

PLATFORMS
  ruby

DEPENDENCIES
  RedCloth
  diy
  gamebox (= 0.3.4)
  ocra
  pry
  pry-remote
  rake
  require_all
  rspec
  ruby-debug19
  tween
