GEM
  remote: http://rubygems.org/
  specs:
    chipmunk (5.3.4.5)
    chipmunk (5.3.4.5-x86-mingw32)
    constructor (2.0.0)
    diff-lcs (1.1.3)
    diy (1.1.2)
      constructor (>= 1.0.0)
    gamebox (0.3.4)
      constructor
      diy
      gosu
      kvo
      publisher
      require_all
      tween
    gosu (0.7.40)
    gosu (0.7.40-x86-mingw32)
    kvo (0.0.1)
      publisher
    publisher (1.1.2)
    require_all (1.2.0)
    rspec (2.7.0)
      rspec-core (~> 2.7.0)
      rspec-expectations (~> 2.7.0)
      rspec-mocks (~> 2.7.0)
    rspec-core (2.7.1)
    rspec-expectations (2.7.0)
      diff-lcs (~> 1.1.2)
    rspec-mocks (2.7.0)
    tween (0.1.2)

PLATFORMS
  ruby
  x86-mingw32

DEPENDENCIES
  chipmunk
  diy
  gamebox
  require_all
  rspec
